GIT
  remote: git://github.com/37signals/aws-s3.git
  revision: 534ce77b694503811b21e5846937f09d04363a9d
  specs:
    aws-s3 (0.6.4)

GEM
  remote: http://rubygems.org/
  specs:
    builder (2.1.2)
    diff-lcs (1.1.2)
    git (1.2.5)
    jeweler (1.5.2)
      bundler (~> 1.0.0)
      git (>= 1.2.5)
      rake
    mime-types (1.16)
    rake (0.8.7)
    rcov (0.9.9)
    redis (2.2.0)
    rspec (2.1.0)
      rspec-core (~> 2.1.0)
      rspec-expectations (~> 2.1.0)
      rspec-mocks (~> 2.1.0)
    rspec-core (2.1.0)
    rspec-expectations (2.1.0)
      diff-lcs (~> 1.1.2)
    rspec-mocks (2.1.0)
    xml-simple (1.0.15)

PLATFORMS
  ruby

DEPENDENCIES
  aws-s3!
  builder
  bundler (~> 1.0.0)
  jeweler (~> 1.5.1)
  mime-types
  rcov
  redis
  rspec (~> 2.1.0)
  xml-simple
